GEM
  remote: https://rubygems.org/
  specs:
    aws-eventstream (1.2.0)
    aws-partitions (1.509.0)
    aws-sdk-cloudwatchlogs (1.45.0)
      aws-sdk-core (~> 3, >= 3.120.0)
      aws-sigv4 (~> 1.1)
    aws-sdk-core (3.121.1)
      aws-eventstream (~> 1, >= 1.0.2)
      aws-partitions (~> 1, >= 1.239.0)
      aws-sigv4 (~> 1.1)
      jmespath (~> 1.0)
    aws-sdk-kms (1.48.0)
      aws-sdk-core (~> 3, >= 3.120.0)
      aws-sigv4 (~> 1.1)
    aws-sdk-s3 (1.103.0)
      aws-sdk-core (~> 3, >= 3.120.0)
      aws-sdk-kms (~> 1)
      aws-sigv4 (~> 1.4)
    aws-sdk-sqs (1.44.0)
      aws-sdk-core (~> 3, >= 3.120.0)
      aws-sigv4 (~> 1.1)
    aws-sigv4 (1.4.0)
      aws-eventstream (~> 1, >= 1.0.2)
    azure-loganalytics-datacollector-api (0.5.0)
      rest-client
    concurrent-ruby (1.1.9)
    cool.io (1.7.1)
    digest-crc (0.6.4)
      rake (>= 12.0.0, < 14.0.0)
    domain_name (0.5.20190701)
      unf (>= 0.0.5, < 1.0.0)
    fluent-config-regexp-type (1.0.0)
      fluentd (> 1.0.0, < 2)
    fluent-plugin-azure-loganalytics (0.7.0)
      azure-loganalytics-datacollector-api (>= 0.5.0)
      fluentd (>= 0.14.15, < 2)
      rest-client
      yajl-ruby
    fluent-plugin-cloudwatch-logs (0.14.2)
      aws-sdk-cloudwatchlogs (~> 1.0)
      fluentd (>= 1.8.0)
    fluent-plugin-datadog (0.12.0)
      fluentd (>= 1, < 2)
      net-http-persistent (~> 2.9)
    fluent-plugin-kafka (0.17.1)
      fluentd (>= 0.10.58, < 2)
      ltsv
      ruby-kafka (>= 1.4.0, < 2)
    fluent-plugin-rewrite-tag-filter (2.4.0)
      fluent-config-regexp-type
      fluentd (>= 0.14.2, < 2)
    fluent-plugin-s3 (1.6.1)
      aws-sdk-s3 (~> 1.60)
      aws-sdk-sqs (~> 1.23)
      fluentd (>= 0.14.22, < 2)
    fluent-plugin-sanitizer (0.1.2)
      fluentd (>= 0.14.10, < 2)
    fluent-plugin-sumologic_output (1.7.2)
      fluentd (>= 0.14.12)
      httpclient (~> 2.8.0)
    fluentd (1.14.1)
      bundler
      cool.io (>= 1.4.5, < 2.0.0)
      http_parser.rb (>= 0.5.1, < 0.8.0)
      msgpack (>= 1.3.1, < 2.0.0)
      serverengine (>= 2.2.2, < 3.0.0)
      sigdump (~> 0.2.2)
      strptime (>= 0.2.2, < 1.0.0)
      tzinfo (>= 1.0, < 3.0)
      tzinfo-data (~> 1.0)
      webrick (>= 1.4.2, < 1.8.0)
      yajl-ruby (~> 1.0)
    http-accept (1.7.0)
    http-cookie (1.0.4)
      domain_name (~> 0.5)
    http_parser.rb (0.7.0)
    httpclient (2.8.3)
    jmespath (1.4.0)
    ltsv (0.1.2)
    mime-types (3.3.1)
      mime-types-data (~> 3.2015)
    mime-types-data (3.2021.0901)
    msgpack (1.4.2)
    net-http-persistent (2.9.4)
    netrc (0.11.0)
    rake (13.0.6)
    rest-client (2.1.0)
      http-accept (>= 1.7.0, < 2.0)
      http-cookie (>= 1.0.2, < 2.0)
      mime-types (>= 1.16, < 4.0)
      netrc (~> 0.8)
    ruby-kafka (1.4.0)
      digest-crc
    serverengine (2.2.4)
      sigdump (~> 0.2.2)
    sigdump (0.2.4)
    strptime (0.2.5)
    tzinfo (2.0.4)
      concurrent-ruby (~> 1.0)
    tzinfo-data (1.2021.2)
      tzinfo (>= 1.0.0)
    unf (0.1.4)
      unf_ext
    unf_ext (0.0.8)
    webrick (1.7.0)
    yajl-ruby (1.4.1)

PLATFORMS
  x86_64-linux

DEPENDENCIES
  fluent-plugin-azure-loganalytics
  fluent-plugin-cloudwatch-logs
  fluent-plugin-datadog
  fluent-plugin-kafka
  fluent-plugin-rewrite-tag-filter
  fluent-plugin-s3
  fluent-plugin-sanitizer
  fluent-plugin-sumologic_output
  fluentd

BUNDLED WITH
   2.2.3
